PATH
  remote: .
  specs:
    wooga.docopt (0.6.0)

GEM
  remote: http://rubygems.org/
  specs:
    json (1.8.6)
    power_assert (1.0.1)
    rake (12.0.0)
    test-unit (3.2.3)
      power_assert

PLATFORMS
  ruby

DEPENDENCIES
  json (~> 1.8)
  rake
  test-unit (~> 3.2)
  wooga.docopt!

BUNDLED WITH
   1.14.3
